PATH
  remote: .
  specs:
    srbovanje (1.0.2)

GEM
  remote: https://rubygems.org/
  specs:
    minitest (4.6.1)
    rake (10.0.3)

PLATFORMS
  ruby

DEPENDENCIES
  bundler
  minitest
  rake
  srbovanje!
